GEM
  remote: http://rubygems.org/
  specs:
    albino (1.3.3)
      posix-spawn (>= 0.3.6)
    classifier (1.3.3)
      fast-stemmer (>= 1.0.0)
    coderay (1.0.6)
    directory_watcher (1.4.1)
    fast-stemmer (1.0.1)
    jekyll (0.11.2)
      albino (~> 1.3)
      classifier (~> 1.3)
      directory_watcher (~> 1.1)
      kramdown (~> 0.13)
      liquid (~> 2.3)
      maruku (~> 0.5)
    kramdown (0.13.6)
    liquid (2.3.0)
    maruku (0.6.0)
      syntax (>= 1.0.0)
    method_source (0.7.1)
    posix-spawn (0.3.6)
    pry (0.9.9.6)
      coderay (~> 1.0.5)
      method_source (~> 0.7.1)
      slop (>= 2.4.4, < 3)
    rdiscount (1.6.8)
    slop (2.4.4)
    syntax (1.0.0)

PLATFORMS
  ruby

DEPENDENCIES
  jekyll
  posix-spawn
  pry
  rdiscount
